GEM
  remote: https://rubygems.org/
  specs:
    activemodel (5.0.0.beta1)
      activesupport (= 5.0.0.beta1)
      builder (~> 3.1)
    activerecord (5.0.0.beta1)
      activemodel (= 5.0.0.beta1)
      activesupport (= 5.0.0.beta1)
      arel (~> 7.0)
    activesupport (5.0.0.beta1)
      concurrent-ruby (~> 1.0)
      i18n (~> 0.7)
      json (~> 1.7, >= 1.7.7)
      method_source
      minitest (~> 5.1)
      tzinfo (~> 1.1)
    arel (7.0.0)
    awesome_print (1.6.1)
    builder (3.2.2)
    clbustos-rtf (0.4.2)
    coderay (1.1.0)
    colored (1.2)
    concurrent-ruby (1.0.0)
    daru (0.1.2)
      reportbuilder (~> 1.4)
      spreadsheet (~> 1.1.1)
    diff-lcs (1.2.5)
    dirty-memoize (0.0.4)
    distribution (0.7.3)
    extendmatrix (0.4)
    i18n (0.7.0)
    json (1.8.3)
    method_source (0.8.2)
    mini_portile2 (2.0.0)
    minimization (0.2.3)
      text-table (~> 1.2)
    minitest (5.8.3)
    nokogiri (1.6.7.1)
      mini_portile2 (~> 2.0.0.rc2)
    optbind (0.3.2)
    parallel (1.6.1)
    pg (0.18.4)
    prawn (0.8.4)
      prawn-core (>= 0.8.4, < 0.9)
      prawn-layout (>= 0.8.4, < 0.9)
      prawn-security (>= 0.8.4, < 0.9)
    prawn-core (0.8.4)
    prawn-layout (0.8.4)
    prawn-security (0.8.4)
    prawn-svg (0.9.1.11)
      prawn (>= 0.8.4)
    pry (0.10.3)
      coderay (~> 1.1.0)
      method_source (~> 0.8.1)
      slop (~> 3.4)
    rake (10.4.2)
    reportbuilder (1.4.2)
      clbustos-rtf (~> 0.4.0)
      prawn (~> 0.8.4)
      prawn-svg (~> 0.9.1)
      text-table (~> 1.2)
    rserve-client (0.3.1)
    rspec (3.3.0)
      rspec-core (~> 3.3.0)
      rspec-expectations (~> 3.3.0)
      rspec-mocks (~> 3.3.0)
    rspec-core (3.3.2)
      rspec-support (~> 3.3.0)
    rspec-expectations (3.3.1)
      diff-lcs (>= 1.2.0, < 2.0)
      rspec-support (~> 3.3.0)
    rspec-mocks (3.3.2)
      diff-lcs (>= 1.2.0, < 2.0)
      rspec-support (~> 3.3.0)
    rspec-support (3.3.0)
    ruby-ole (1.2.12)
    ruby-progressbar (1.7.5)
    rubyvis (0.6.1)
    rugged (0.23.3)
    slop (3.6.0)
    spreadsheet (1.1.2)
      ruby-ole (>= 1.0)
    statsample (2.0.2)
      awesome_print (~> 1.6)
      daru (~> 0.1)
      dirty-memoize (~> 0.0.4)
      distribution (~> 0.7)
      extendmatrix (~> 0.4)
      minimization (~> 0.2)
      reportbuilder (~> 1.4)
      rserve-client (~> 0.3)
      rubyvis (~> 0.6.1)
      spreadsheet (~> 1.1)
    text-table (1.2.4)
    thread_safe (0.3.5)
    tzinfo (1.2.2)
      thread_safe (~> 0.1)
    upsert (2.1.1)

PLATFORMS
  ruby

DEPENDENCIES
  activemodel (~> 5.0.0.beta1)
  activerecord (~> 5.0.0.beta1)
  activesupport (~> 5.0.0.beta1)
  bundler (~> 1.11.2)
  colored (~> 1.2)
  concurrent-ruby (~> 1.0.0)
  daru (~> 0.1.2)
  nokogiri (~> 1.6.6)
  optbind (~> 0.3.2)
  parallel (~> 1.6.1)
  pg
  pry
  rake (~> 10.4.2)
  rspec (~> 3.3.0)
  ruby-progressbar (~> 1.7.5)
  rugged (~> 0.23.3)
  statsample (~> 2.0.2)
  upsert (~> 2.1.1)

BUNDLED WITH
   1.11.2
